GEM
  remote: http://rubygems.org/
  specs:
    builder (3.2.2)
    coderay (1.1.0)
    kramdown (1.9.0)
    method_source (0.8.2)
    mini_portile (0.5.3)
    nokogiri (1.6.1)
      mini_portile (~> 0.5.0)
    pry (0.10.3)
      coderay (~> 1.1.0)
      method_source (~> 0.8.1)
      slop (~> 3.4)
    rake (10.4.2)
    sass (3.4.20)
    slop (3.6.0)

PLATFORMS
  ruby

DEPENDENCIES
  builder
  kramdown
  nokogiri (= 1.6.1)
  pry
  rake
  sass
