GEM
  remote: http://rubygems.org/
  specs:
    builder (3.2.2)
    kramdown (1.3.3)
    mini_portile (0.5.3)
    nokogiri (1.6.1)
      mini_portile (~> 0.5.0)
    rake (10.3.1)
    sass (3.3.5)

PLATFORMS
  ruby

DEPENDENCIES
  builder
  kramdown
  nokogiri
  rake
  sass
