GEM
  remote: http://rubygems.org/
  specs:
    builder (3.1.4)
    kramdown (0.14.0)
    nokogiri (1.5.5)
    sass (3.2.1)

PLATFORMS
  ruby

DEPENDENCIES
  builder (= 3.1.4)
  kramdown (= 0.14.0)
  nokogiri (= 1.5.5)
  sass (= 3.2.1)
