GEM
  remote: http://rubygems.org/
  specs:
    builder (3.1.4)
    kramdown (0.14.2)
    nokogiri (1.5.6)
    rake (10.0.3)
    sass (3.2.5)

PLATFORMS
  ruby

DEPENDENCIES
  builder
  kramdown
  nokogiri
  rake
  sass
