GEM
  remote: http://rubygems.org/
  specs:
    builder (3.1.4)
    kramdown (0.14.1)
    nokogiri (1.5.5)
    rake (10.0.2)
    sass (3.2.3)

PLATFORMS
  ruby

DEPENDENCIES
  builder
  kramdown
  nokogiri
  rake
  sass
